GEM
  remote: https://rubygems.org/
  specs:
    rack (2.2.2)
    rulers (0.0.2)
      rack

PLATFORMS
  ruby

DEPENDENCIES
  rulers (= 0.0.2)

BUNDLED WITH
   1.17.3
