PATH
  remote: ../rulers
  specs:
    rulers (0.0.3)
      erubis
      multi_json
      rack
      sqlite3

GEM
  remote: https://rubygems.org/
  specs:
    erubis (2.7.0)
    ffi (1.13.1)
    io-console (0.5.6)
    irb (1.2.4)
      reline (>= 0.0.1)
    listen (1.3.1)
      rb-fsevent (>= 0.9.3)
      rb-inotify (>= 0.9)
      rb-kqueue (>= 0.2)
    multi_json (1.15.0)
    rack (2.2.3)
    rb-fsevent (0.10.4)
    rb-inotify (0.10.1)
      ffi (~> 1.0)
    rb-kqueue (0.2.5)
      ffi (>= 0.5.0)
    reline (0.1.4)
      io-console (~> 0.5)
    rerun (0.8.1)
      listen (>= 1.0.3)
    sqlite3 (1.4.2)

PLATFORMS
  ruby

DEPENDENCIES
  irb
  listen (= 1.3.1)
  rerun
  rulers!

BUNDLED WITH
   1.17.3
